PATH
  remote: .
  specs:
    no_password_auth (0.3.0)
      importmap-rails (~> 1.2.0)
      rails (>= 7.0.0, <= 7.1.0)
      stimulus-rails (~> 1.2.0)
      tailwindcss-rails (~> 2.0.0)
      turbo-rails (~> 1.3.0)

GEM
  remote: https://rubygems.org/
  specs:
    actioncable (7.0.7)
      actionpack (= 7.0.7)
      activesupport (= 7.0.7)
      nio4r (~> 2.0)
      websocket-driver (>= 0.6.1)
    actionmailbox (7.0.7)
      actionpack (= 7.0.7)
      activejob (= 7.0.7)
      activerecord (= 7.0.7)
      activestorage (= 7.0.7)
      activesupport (= 7.0.7)
      mail (>= 2.7.1)
      net-imap
      net-pop
      net-smtp
    actionmailer (7.0.7)
      actionpack (= 7.0.7)
      actionview (= 7.0.7)
      activejob (= 7.0.7)
      activesupport (= 7.0.7)
      mail (~> 2.5, >= 2.5.4)
      net-imap
      net-pop
      net-smtp
      rails-dom-testing (~> 2.0)
    actionpack (7.0.7)
      actionview (= 7.0.7)
      activesupport (= 7.0.7)
      rack (~> 2.0, >= 2.2.4)
      rack-test (>= 0.6.3)
      rails-dom-testing (~> 2.0)
      rails-html-sanitizer (~> 1.0, >= 1.2.0)
    actiontext (7.0.7)
      actionpack (= 7.0.7)
      activerecord (= 7.0.7)
      activestorage (= 7.0.7)
      activesupport (= 7.0.7)
      globalid (>= 0.6.0)
      nokogiri (>= 1.8.5)
    actionview (7.0.7)
      activesupport (= 7.0.7)
      builder (~> 3.1)
      erubi (~> 1.4)
      rails-dom-testing (~> 2.0)
      rails-html-sanitizer (~> 1.1, >= 1.2.0)
    activejob (7.0.7)
      activesupport (= 7.0.7)
      globalid (>= 0.3.6)
    activemodel (7.0.7)
      activesupport (= 7.0.7)
    activerecord (7.0.7)
      activemodel (= 7.0.7)
      activesupport (= 7.0.7)
    activestorage (7.0.7)
      actionpack (= 7.0.7)
      activejob (= 7.0.7)
      activerecord (= 7.0.7)
      activesupport (= 7.0.7)
      marcel (~> 1.0)
      mini_mime (>= 1.1.0)
    activesupport (7.0.7)
      concurrent-ruby (~> 1.0, >= 1.0.2)
      i18n (>= 1.6, < 2)
      minitest (>= 5.1)
      tzinfo (~> 2.0)
    addressable (2.8.5)
      public_suffix (>= 2.0.2, < 6.0)
    ast (2.4.2)
    brakeman (6.0.1)
    builder (3.2.4)
    bundle-audit (0.1.0)
      bundler-audit
    bundler-audit (0.9.1)
      bundler (>= 1.2.0, < 3)
      thor (~> 1.0)
    concurrent-ruby (1.2.2)
    crass (1.0.6)
    date (3.3.3)
    erubi (1.12.0)
    globalid (1.1.0)
      activesupport (>= 5.0)
    i18n (1.14.1)
      concurrent-ruby (~> 1.0)
    importmap-rails (1.2.1)
      actionpack (>= 6.0.0)
      railties (>= 6.0.0)
    json (2.6.3)
    language_server-protocol (3.17.0.3)
    launchy (2.5.2)
      addressable (~> 2.8)
    letter_opener (1.8.1)
      launchy (>= 2.2, < 3)
    lint_roller (1.1.0)
    loofah (2.21.3)
      crass (~> 1.0.2)
      nokogiri (>= 1.12.0)
    mail (2.8.1)
      mini_mime (>= 0.1.1)
      net-imap
      net-pop
      net-smtp
    marcel (1.0.2)
    method_source (1.0.0)
    mini_mime (1.1.5)
    minitest (5.19.0)
    net-imap (0.3.7)
      date
      net-protocol
    net-pop (0.1.2)
      net-protocol
    net-protocol (0.2.1)
      timeout
    net-smtp (0.3.3)
      net-protocol
    nio4r (2.5.9)
    nokogiri (1.15.3-arm64-darwin)
      racc (~> 1.4)
    nokogiri (1.15.3-x86_64-darwin)
      racc (~> 1.4)
    nokogiri (1.15.3-x86_64-linux)
      racc (~> 1.4)
    parallel (1.23.0)
    parser (3.2.2.3)
      ast (~> 2.4.1)
      racc
    pg (1.5.3)
    propshaft (0.7.0)
      actionpack (>= 7.0.0)
      activesupport (>= 7.0.0)
      rack
      railties (>= 7.0.0)
    public_suffix (5.0.3)
    puma (6.3.0)
      nio4r (~> 2.0)
    racc (1.7.1)
    rack (2.2.8)
    rack-test (2.1.0)
      rack (>= 1.3)
    rails (7.0.7)
      actioncable (= 7.0.7)
      actionmailbox (= 7.0.7)
      actionmailer (= 7.0.7)
      actionpack (= 7.0.7)
      actiontext (= 7.0.7)
      actionview (= 7.0.7)
      activejob (= 7.0.7)
      activemodel (= 7.0.7)
      activerecord (= 7.0.7)
      activestorage (= 7.0.7)
      activesupport (= 7.0.7)
      bundler (>= 1.15.0)
      railties (= 7.0.7)
    rails-dom-testing (2.2.0)
      activesupport (>= 5.0.0)
      minitest
      nokogiri (>= 1.6)
    rails-html-sanitizer (1.6.0)
      loofah (~> 2.21)
      nokogiri (~> 1.14)
    railties (7.0.7)
      actionpack (= 7.0.7)
      activesupport (= 7.0.7)
      method_source
      rake (>= 12.2)
      thor (~> 1.0)
      zeitwerk (~> 2.5)
    rainbow (3.1.1)
    rake (13.0.6)
    regexp_parser (2.8.1)
    rexml (3.2.6)
    rubocop (1.52.1)
      json (~> 2.3)
      parallel (~> 1.10)
      parser (>= 3.2.2.3)
      rainbow (>= 2.2.2, < 4.0)
      regexp_parser (>= 1.8, < 3.0)
      rexml (>= 3.2.5, < 4.0)
      rubocop-ast (>= 1.28.0, < 2.0)
      ruby-progressbar (~> 1.7)
      unicode-display_width (>= 2.4.0, < 3.0)
    rubocop-ast (1.29.0)
      parser (>= 3.2.1.0)
    rubocop-performance (1.18.0)
      rubocop (>= 1.7.0, < 2.0)
      rubocop-ast (>= 0.4.0)
    ruby-progressbar (1.13.0)
    standard (1.30.1)
      language_server-protocol (~> 3.17.0.2)
      lint_roller (~> 1.0)
      rubocop (~> 1.52.0)
      standard-custom (~> 1.0.0)
      standard-performance (~> 1.1.0)
    standard-custom (1.0.2)
      lint_roller (~> 1.0)
      rubocop (~> 1.50)
    standard-performance (1.1.2)
      lint_roller (~> 1.1)
      rubocop-performance (~> 1.18.0)
    stimulus-rails (1.2.2)
      railties (>= 6.0.0)
    tailwindcss-rails (2.0.30-arm64-darwin)
      railties (>= 6.0.0)
    tailwindcss-rails (2.0.30-x86_64-darwin)
      railties (>= 6.0.0)
    tailwindcss-rails (2.0.30-x86_64-linux)
      railties (>= 6.0.0)
    thor (1.2.2)
    timeout (0.4.0)
    turbo-rails (1.3.3)
      actionpack (>= 6.0.0)
      activejob (>= 6.0.0)
      railties (>= 6.0.0)
    tzinfo (2.0.6)
      concurrent-ruby (~> 1.0)
    unicode-display_width (2.4.2)
    websocket-driver (0.7.6)
      websocket-extensions (>= 0.1.0)
    websocket-extensions (0.1.5)
    zeitwerk (2.6.11)

PLATFORMS
  arm64-darwin-20
  arm64-darwin-21
  arm64-darwin-22
  x86_64-darwin-19
  x86_64-darwin-20
  x86_64-darwin-21
  x86_64-linux

DEPENDENCIES
  brakeman
  bundle-audit
  importmap-rails
  letter_opener
  no_password_auth!
  pg
  propshaft
  puma
  standard
  stimulus-rails
  tailwindcss-rails
  turbo-rails

BUNDLED WITH
   2.3.25
