PATH
  remote: .
  specs:
    no_password (0.1.0)
      importmap-rails (~> 1.0.0)
      rails (~> 7.0.1)
      sprockets-rails
      stimulus-rails (~> 1.0.0)
      tailwindcss-rails (~> 2.0.0)
      turbo-rails (~> 1.0.0)

GEM
  remote: https://rubygems.org/
  specs:
    actioncable (7.0.1)
      actionpack (= 7.0.1)
      activesupport (= 7.0.1)
      nio4r (~> 2.0)
      websocket-driver (>= 0.6.1)
    actionmailbox (7.0.1)
      actionpack (= 7.0.1)
      activejob (= 7.0.1)
      activerecord (= 7.0.1)
      activestorage (= 7.0.1)
      activesupport (= 7.0.1)
      mail (>= 2.7.1)
      net-imap
      net-pop
      net-smtp
    actionmailer (7.0.1)
      actionpack (= 7.0.1)
      actionview (= 7.0.1)
      activejob (= 7.0.1)
      activesupport (= 7.0.1)
      mail (~> 2.5, >= 2.5.4)
      net-imap
      net-pop
      net-smtp
      rails-dom-testing (~> 2.0)
    actionpack (7.0.1)
      actionview (= 7.0.1)
      activesupport (= 7.0.1)
      rack (~> 2.0, >= 2.2.0)
      rack-test (>= 0.6.3)
      rails-dom-testing (~> 2.0)
      rails-html-sanitizer (~> 1.0, >= 1.2.0)
    actiontext (7.0.1)
      actionpack (= 7.0.1)
      activerecord (= 7.0.1)
      activestorage (= 7.0.1)
      activesupport (= 7.0.1)
      globalid (>= 0.6.0)
      nokogiri (>= 1.8.5)
    actionview (7.0.1)
      activesupport (= 7.0.1)
      builder (~> 3.1)
      erubi (~> 1.4)
      rails-dom-testing (~> 2.0)
      rails-html-sanitizer (~> 1.1, >= 1.2.0)
    activejob (7.0.1)
      activesupport (= 7.0.1)
      globalid (>= 0.3.6)
    activemodel (7.0.1)
      activesupport (= 7.0.1)
    activerecord (7.0.1)
      activemodel (= 7.0.1)
      activesupport (= 7.0.1)
    activestorage (7.0.1)
      actionpack (= 7.0.1)
      activejob (= 7.0.1)
      activerecord (= 7.0.1)
      activesupport (= 7.0.1)
      marcel (~> 1.0)
      mini_mime (>= 1.1.0)
    activesupport (7.0.1)
      concurrent-ruby (~> 1.0, >= 1.0.2)
      i18n (>= 1.6, < 2)
      minitest (>= 5.1)
      tzinfo (~> 2.0)
    addressable (2.8.0)
      public_suffix (>= 2.0.2, < 5.0)
    ast (2.4.2)
    brakeman (5.2.0)
    builder (3.2.4)
    bundle-audit (0.1.0)
      bundler-audit
    bundler-audit (0.9.0.1)
      bundler (>= 1.2.0, < 3)
      thor (~> 1.0)
    concurrent-ruby (1.1.9)
    crass (1.0.6)
    digest (3.1.0)
    erubi (1.10.0)
    globalid (1.0.0)
      activesupport (>= 5.0)
    i18n (1.8.11)
      concurrent-ruby (~> 1.0)
    importmap-rails (1.0.2)
      actionpack (>= 6.0.0)
      railties (>= 6.0.0)
    io-wait (0.2.1)
    launchy (2.5.0)
      addressable (~> 2.7)
    letter_opener (1.7.0)
      launchy (~> 2.2)
    loofah (2.13.0)
      crass (~> 1.0.2)
      nokogiri (>= 1.5.9)
    mail (2.7.1)
      mini_mime (>= 0.1.1)
    marcel (1.0.2)
    method_source (1.0.0)
    mini_mime (1.1.2)
    minitest (5.15.0)
    net-imap (0.2.3)
      digest
      net-protocol
      strscan
    net-pop (0.1.1)
      digest
      net-protocol
      timeout
    net-protocol (0.1.2)
      io-wait
      timeout
    net-smtp (0.3.1)
      digest
      net-protocol
      timeout
    nio4r (2.5.8)
    nokogiri (1.13.1-arm64-darwin)
      racc (~> 1.4)
    nokogiri (1.13.1-x86_64-linux)
      racc (~> 1.4)
    parallel (1.21.0)
    parser (3.1.0.0)
      ast (~> 2.4.1)
    pg (1.3.0)
    public_suffix (4.0.6)
    puma (5.6.0)
      nio4r (~> 2.0)
    racc (1.6.0)
    rack (2.2.3)
    rack-test (1.1.0)
      rack (>= 1.0, < 3)
    rails (7.0.1)
      actioncable (= 7.0.1)
      actionmailbox (= 7.0.1)
      actionmailer (= 7.0.1)
      actionpack (= 7.0.1)
      actiontext (= 7.0.1)
      actionview (= 7.0.1)
      activejob (= 7.0.1)
      activemodel (= 7.0.1)
      activerecord (= 7.0.1)
      activestorage (= 7.0.1)
      activesupport (= 7.0.1)
      bundler (>= 1.15.0)
      railties (= 7.0.1)
    rails-dom-testing (2.0.3)
      activesupport (>= 4.2.0)
      nokogiri (>= 1.6)
    rails-html-sanitizer (1.4.2)
      loofah (~> 2.3)
    railties (7.0.1)
      actionpack (= 7.0.1)
      activesupport (= 7.0.1)
      method_source
      rake (>= 12.2)
      thor (~> 1.0)
      zeitwerk (~> 2.5)
    rainbow (3.1.1)
    rake (13.0.6)
    regexp_parser (2.2.0)
    rexml (3.2.5)
    rubocop (1.25.0)
      parallel (~> 1.10)
      parser (>= 3.1.0.0)
      rainbow (>= 2.2.2, < 4.0)
      regexp_parser (>= 1.8, < 3.0)
      rexml
      rubocop-ast (>= 1.15.1, < 2.0)
      ruby-progressbar (~> 1.7)
      unicode-display_width (>= 1.4.0, < 3.0)
    rubocop-ast (1.15.1)
      parser (>= 3.0.1.1)
    rubocop-performance (1.13.2)
      rubocop (>= 1.7.0, < 2.0)
      rubocop-ast (>= 0.4.0)
    ruby-progressbar (1.11.0)
    sprockets (4.0.2)
      concurrent-ruby (~> 1.0)
      rack (> 1, < 3)
    sprockets-rails (3.4.2)
      actionpack (>= 5.2)
      activesupport (>= 5.2)
      sprockets (>= 3.0.0)
    standard (1.7.0)
      rubocop (= 1.25.0)
      rubocop-performance (= 1.13.2)
    stimulus-rails (1.0.2)
      railties (>= 6.0.0)
    strscan (3.0.1)
    tailwindcss-rails (2.0.5-arm64-darwin)
      railties (>= 6.0.0)
    tailwindcss-rails (2.0.5-x86_64-linux)
      railties (>= 6.0.0)
    thor (1.2.1)
    timeout (0.2.0)
    turbo-rails (1.0.1)
      actionpack (>= 6.0.0)
      railties (>= 6.0.0)
    tzinfo (2.0.4)
      concurrent-ruby (~> 1.0)
    unicode-display_width (2.1.0)
    websocket-driver (0.7.5)
      websocket-extensions (>= 0.1.0)
    websocket-extensions (0.1.5)
    zeitwerk (2.5.3)

PLATFORMS
  arm64-darwin-20
  x86_64-linux

DEPENDENCIES
  brakeman
  bundle-audit
  importmap-rails
  letter_opener
  no_password!
  pg
  puma
  sprockets-rails
  standard
  stimulus-rails
  tailwindcss-rails
  turbo-rails

BUNDLED WITH
   2.2.21
